PATH
  remote: /Users/Ryguy/Code/Ruby/Gems/proctor-rspec
  specs:
    proctor-rspec (0.1.0)
      activeresource (~> 3.2)
      net-http-spy (~> 0.2)
      rspec (~> 2.9)
      uniform_resource_identifier (~> 0.1)

GEM
  remote: http://rubygems.org/
  specs:
    activemodel (3.2.3)
      activesupport (= 3.2.3)
      builder (~> 3.0.0)
    activeresource (3.2.3)
      activemodel (= 3.2.3)
      activesupport (= 3.2.3)
    activesupport (3.2.3)
      i18n (~> 0.6)
      multi_json (~> 1.0)
    addressable (2.2.8)
    builder (3.0.0)
    diff-lcs (1.1.3)
    ffi (1.0.11)
    fuubar (1.0.0)
      rspec (~> 2.0)
      rspec-instafail (~> 0.2.0)
      ruby-progressbar (~> 0.0.10)
    guard (1.0.1)
      ffi (>= 0.5.0)
      thor (~> 0.14.6)
    guard-rspec (0.7.0)
      guard (>= 0.10.0)
    i18n (0.6.0)
    multi_json (1.3.5)
    net-http-spy (0.2.1)
    public_suffix (1.1.0)
    rspec (2.9.0)
      rspec-core (~> 2.9.0)
      rspec-expectations (~> 2.9.0)
      rspec-mocks (~> 2.9.0)
    rspec-core (2.9.0)
    rspec-expectations (2.9.1)
      diff-lcs (~> 1.1.3)
    rspec-instafail (0.2.2)
    rspec-mocks (2.9.0)
    ruby-progressbar (0.0.10)
    thor (0.14.6)
    uniform_resource_identifier (0.1.22)
      activesupport (>= 3.0)
      addressable (~> 2.2)
      i18n (~> 0.6)
      public_suffix (~> 1.1)

PLATFORMS
  ruby

DEPENDENCIES
  fuubar
  guard-rspec
  proctor-rspec!
